GIT
  remote: https://github.com/Tomohiro/serverkit-vagrant_plugin.git
  revision: b688baaed1e5c051b6e3b6983fe0cd93a0e8e5da
  specs:
    serverkit-vagrant_plugin (0.1.0)
      serverkit (~> 0.6.8)

GIT
  remote: https://github.com/flori/json.git
  revision: 7f4cfd853f2c919d854fb95548a19980feff17e8
  branch: v1.8
  specs:
    json (1.8.6)

GEM
  remote: https://rubygems.org/
  specs:
    activemodel (4.2.11.1)
      activesupport (= 4.2.11.1)
      builder (~> 3.1)
    activesupport (4.2.11.1)
      i18n (~> 0.7)
      minitest (~> 5.1)
      thread_safe (~> 0.3, >= 0.3.4)
      tzinfo (~> 1.1)
    builder (3.2.3)
    concurrent-ruby (1.1.5)
    hashie (3.6.0)
    highline (2.0.2)
    i18n (0.9.5)
      concurrent-ruby (~> 1.0)
    minitest (5.11.3)
    net-scp (2.0.0)
      net-ssh (>= 2.6.5, < 6.0.0)
    net-ssh (5.2.0)
    net-telnet (0.1.1)
    plist (3.5.0)
    rainbow (3.0.0)
    serverkit (0.6.9)
      activemodel
      activesupport (< 5.0.0)
      bundler
      hashie
      highline
      rainbow
      slop (~> 3.4)
      specinfra (>= 2.31.0)
      unix-crypt
    serverkit-atom (0.0.1)
      serverkit
    serverkit-defaults (0.0.3)
      plist
      serverkit
    serverkit-go (1.0.0)
      serverkit (~> 0.6.5)
    serverkit-homebrew (0.0.5)
      serverkit
    serverkit-rbenv (0.3.3)
      serverkit (>= 0.6.2)
      specinfra (>= 2.31.1)
    sfl (2.3)
    slop (3.6.0)
    specinfra (2.77.2)
      net-scp
      net-ssh (>= 2.7)
      net-telnet (= 0.1.1)
      sfl
    thread_safe (0.3.6)
    tzinfo (1.2.5)
      thread_safe (~> 0.1)
    unix-crypt (1.3.0)

PLATFORMS
  ruby

DEPENDENCIES
  json!
  serverkit
  serverkit-atom
  serverkit-defaults
  serverkit-go
  serverkit-homebrew
  serverkit-rbenv
  serverkit-vagrant_plugin!

BUNDLED WITH
   1.17.2
